PATH
  remote: .
  specs:
    repo_dependency_graph (0.0.0)
      bundler-organization_audit

GEM
  remote: https://rubygems.org/
  specs:
    bump (0.3.9)
    bundler-organization_audit (0.1.2)
      json
    diff-lcs (1.1.3)
    json (1.8.0)
    rake (10.0.3)
    rspec (2.12.0)
      rspec-core (~> 2.12.0)
      rspec-expectations (~> 2.12.0)
      rspec-mocks (~> 2.12.0)
    rspec-core (2.12.2)
    rspec-expectations (2.12.1)
      diff-lcs (~> 1.1.3)
    rspec-mocks (2.12.2)

PLATFORMS
  ruby

DEPENDENCIES
  bump
  rake
  repo_dependency_graph!
  rspec (~> 2)
